GEM
  remote: https://rubygems.org/
  specs:
    abstract_type (0.0.7)
    adamantium (0.2.0)
      ice_nine (~> 0.11.0)
      memoizable (~> 0.4.0)
    addressable (2.3.6)
    anima (0.2.0)
      abstract_type (~> 0.0.7)
      adamantium (~> 0.1)
      equalizer (~> 0.0.8)
    charlatan (0.1.0)
    concord (0.1.5)
      adamantium (~> 0.2.0)
      equalizer (~> 0.0.9)
    equalizer (0.0.9)
    faraday (0.9.0)
      multipart-post (>= 1.2, < 3)
    ice_nine (0.11.1)
    inflecto (0.0.2)
    memoizable (0.4.2)
      thread_safe (~> 0.3, >= 0.3.1)
    multipart-post (2.0.0)
    rom (0.4.0)
      addressable (~> 2.3)
      charlatan (~> 0.1, >= 0.1)
      concord (~> 0.1, >= 0.1.4)
      equalizer (~> 0.0, >= 0.0.9)
      inflecto (~> 0.0, >= 0.0.2)
    rom-sql (0.2.0)
      equalizer (~> 0.0, >= 0.0.9)
      rom (~> 0.4, >= 0.4.0)
      sequel (~> 4.17)
    sequel (4.17.0)
    sqlite3 (1.3.10)
    thread_safe (0.3.4)

PLATFORMS
  ruby

DEPENDENCIES
  anima
  faraday
  rom
  rom-sql
  sqlite3
