GIT
  remote: git://github.com/rom-rb/rom-sql.git
  revision: 33c7ecd10d8d3cc076f7caf84b51b46632d34446
  branch: master
  specs:
    rom-sql (0.3.1)
      equalizer (~> 0.0, >= 0.0.9)
      rom (~> 0.4, >= 0.4.0)
      sequel (~> 4.17)

GIT
  remote: git://github.com/rom-rb/rom-yaml.git
  revision: c67f9150a7e18194805a2ac1df77221865e8e87e
  branch: master
  specs:
    rom-yaml (0.0.1)
      moped
      rom (~> 0.4, >= 0.4.0)

GIT
  remote: git://github.com/rom-rb/rom.git
  revision: ccff3801da16050da45264827f56c09c5e6b8616
  branch: master
  specs:
    rom (0.5.0)
      addressable (~> 2.3)
      charlatan (~> 0.1, >= 0.1)
      concord (~> 0.1, >= 0.1.4)
      equalizer (~> 0.0, >= 0.0.9)
      inflecto (~> 0.0, >= 0.0.2)
      transproc (~> 0.1)

GEM
  remote: https://rubygems.org/
  specs:
    abstract_type (0.0.7)
    adamantium (0.2.0)
      ice_nine (~> 0.11.0)
      memoizable (~> 0.4.0)
    addressable (2.3.6)
    anima (0.2.0)
      abstract_type (~> 0.0.7)
      adamantium (~> 0.1)
      equalizer (~> 0.0.8)
    bson (2.3.0)
    charlatan (0.1.0)
    concord (0.1.5)
      adamantium (~> 0.2.0)
      equalizer (~> 0.0.9)
    connection_pool (2.1.0)
    equalizer (0.0.9)
    faraday (0.9.0)
      multipart-post (>= 1.2, < 3)
    ice_nine (0.11.1)
    inflecto (0.0.2)
    memoizable (0.4.2)
      thread_safe (~> 0.3, >= 0.3.1)
    moped (2.0.2)
      bson (~> 2.2)
      connection_pool (~> 2.0)
      optionable (~> 0.2.0)
    multipart-post (2.0.0)
    optionable (0.2.0)
    sequel (4.17.0)
    sqlite3 (1.3.10)
    thread_safe (0.3.4)
    transproc (0.1.0)

PLATFORMS
  ruby

DEPENDENCIES
  anima
  faraday
  rom!
  rom-sql!
  rom-yaml!
  sqlite3
