GIT
  remote: git://github.com/solnic/transproc.git
  revision: e646bd9e492bcbeabed25f3c0ae360acd29239b9
  branch: master
  specs:
    transproc (0.1.2)

GEM
  remote: https://rubygems.org/
  specs:
    abstract_type (0.0.7)
    adamantium (0.2.0)
      ice_nine (~> 0.11.0)
      memoizable (~> 0.4.0)
    anima (0.2.0)
      abstract_type (~> 0.0.7)
      adamantium (~> 0.1)
      equalizer (~> 0.0.8)
    byebug (4.0.5)
      columnize (= 0.9.0)
    columnize (0.9.0)
    equalizer (0.0.11)
    faraday (0.9.1)
      multipart-post (>= 1.2, < 3)
    ice_nine (0.11.1)
    inflecto (0.0.2)
    memoizable (0.4.2)
      thread_safe (~> 0.3, >= 0.3.1)
    multipart-post (2.0.0)
    rom (0.6.1)
      equalizer (~> 0.0, >= 0.0.9)
      transproc (~> 0.1, >= 0.1.2)
    rom-sql (0.4.1)
      equalizer (~> 0.0, >= 0.0.9)
      rom (~> 0.6.0)
      sequel (~> 4.18)
    rom-yaml (0.0.1)
      rom (~> 0.6.0)
    sequel (4.21.0)
    sqlite3 (1.3.10)
    thread_safe (0.3.5)

PLATFORMS
  ruby

DEPENDENCIES
  anima
  byebug
  faraday
  inflecto
  rom
  rom-sql
  rom-yaml
  sqlite3
  transproc!
